GEM
  remote: https://rubygems.org/
  specs:
    faraday (0.9.1)
      multipart-post (>= 1.2, < 3)
    faraday_middleware (0.9.1)
      faraday (>= 0.7.4, < 0.10)
    multipart-post (2.0.0)
    parallel (1.6.0)
    smarter_csv (1.0.19)

PLATFORMS
  ruby

DEPENDENCIES
  faraday
  faraday_middleware
  parallel
  smarter_csv
